GEM
  remote: http://rubygems.org/
  specs:
    activesupport (3.0.7)
    adhearsion (1.0.3)
      activesupport (>= 2.1.0)
      bundler (>= 1.0.10)
      i18n
      log4r (>= 1.0.5)
      rake
      rubigen (>= 1.5.6)
    bluecloth (2.1.0)
    gli (1.3.0)
    i18n (0.5.0)
    json (1.5.1)
    log4r (1.1.9)
    nokogiri (1.4.4)
    rack (1.2.2)
    rake (0.8.7)
    rubigen (1.5.6)
      activesupport (>= 2.3.5)
      i18n
    showoff (0.4.2)
      bluecloth
      gli (>= 1.2.5)
      json
      nokogiri
      sinatra
    sinatra (1.2.6)
      rack (~> 1.1)
      tilt (>= 1.2.2, < 2.0)
    tilt (1.3)

PLATFORMS
  ruby

DEPENDENCIES
  adhearsion
  showoff
