GEM
  remote: http://rubygems.org/
  specs:
    activesupport (3.0.7)
    adhearsion (1.0.3)
      activesupport (>= 2.1.0)
      bundler (>= 1.0.10)
      i18n
      log4r (>= 1.0.5)
      rake
      rubigen (>= 1.5.6)
    blather (0.4.16)
      eventmachine (~> 0.12.6)
      nokogiri (~> 1.4.0)
    coderay (0.9.8)
    crack (0.1.8)
    eventmachine (0.12.10)
    httparty (0.7.7)
      crack (= 0.1.8)
    i18n (0.6.0)
    log4r (1.1.9)
    method_source (0.4.1)
      ruby_parser (>= 2.0.5)
    nokogiri (1.4.4)
    pry (0.8.3)
      coderay (>= 0.9.7)
      method_source (>= 0.4.0)
      ruby_parser (>= 2.0.5)
      slop (>= 1.5.3)
    rake (0.9.0)
    rubigen (1.5.6)
      activesupport (>= 2.3.5)
      i18n
    ruby_parser (2.0.6)
      sexp_processor (~> 3.0)
    sexp_processor (3.0.5)
    slop (1.6.0)
    tropo-rest (0.0.1)
      httparty
      pry

PLATFORMS
  ruby

DEPENDENCIES
  adhearsion (>= 1.0.3)
  blather
  tropo-rest
